GEM
  remote: https://rubygems.org/
  specs:
    activesupport (5.0.1)
      concurrent-ruby (~> 1.0, >= 1.0.2)
      i18n (~> 0.7)
      minitest (~> 5.1)
      tzinfo (~> 1.1)
    addressable (2.5.1)
      public_suffix (~> 2.0, >= 2.0.2)
    celluloid (0.17.3)
      celluloid-essentials
      celluloid-extras
      celluloid-fsm
      celluloid-pool
      celluloid-supervision
      timers (>= 4.1.1)
    celluloid-essentials (0.20.5)
      timers (>= 4.1.1)
    celluloid-extras (0.20.5)
      timers (>= 4.1.1)
    celluloid-fsm (0.20.5)
      timers (>= 4.1.1)
    celluloid-io (0.17.3)
      celluloid (>= 0.17.2)
      nio4r (>= 1.1)
      timers (>= 4.1.1)
    celluloid-pool (0.20.5)
      timers (>= 4.1.1)
    celluloid-supervision (0.20.6)
      timers (>= 4.1.1)
    concurrent-ruby (1.0.4)
    dbd-sqlite3 (1.2.5)
      dbi (>= 0.4.0)
      sqlite3-ruby
    dbi (0.4.5)
      deprecated (= 2.0.1)
    deprecated (2.0.1)
    eventmachine (1.2.3)
    eventmachine (1.2.3-x64-mingw32)
    faraday (0.11.0)
      multipart-post (>= 1.2, < 3)
    faraday_middleware (0.11.0.1)
      faraday (>= 0.7.4, < 1.0)
    gli (2.15.0)
    hashie (3.5.3)
    hitimes (1.2.4)
    i18n (0.8.0)
    json (2.0.3)
    mini_portile (0.6.2)
    minitest (5.10.1)
    multipart-post (2.0.0)
    nio4r (2.0.0)
    nokogiri (1.6.6.4)
      mini_portile (~> 0.6.0)
    nokogiri (1.6.6.4-x64-mingw32)
      mini_portile (~> 0.6.0)
    public_suffix (2.0.5)
    slack-ruby-bot (0.10.1)
      hashie
      slack-ruby-client (>= 0.6.0)
    slack-ruby-client (0.7.9)
      activesupport
      faraday (>= 0.9)
      faraday_middleware
      gli
      hashie
      json
      websocket-driver
    sqlite3 (1.3.13)
    sqlite3 (1.3.13-x64-mingw32)
    sqlite3-ruby (1.3.3)
      sqlite3 (>= 1.3.3)
    thread_safe (0.3.5)
    timers (4.1.2)
      hitimes
    tzinfo (1.2.2)
      thread_safe (~> 0.1)
    websocket-driver (0.6.5)
      websocket-extensions (>= 0.1.0)
    websocket-extensions (0.1.2)

PLATFORMS
  ruby
  x64-mingw32

DEPENDENCIES
  addressable
  celluloid-io
  dbd-sqlite3
  dbi
  eventmachine
  faraday
  json
  nokogiri
  slack-ruby-bot
  sqlite3

BUNDLED WITH
   1.14.6
